GEM
  remote: http://rubygems.org/
  specs:
    curb (0.7.12)
    eventmachine (0.12.10)
    httparty (0.21.0)
      mini_mime (>= 1.0.0)
      multi_xml (>= 0.5.2)
    httpclient (2.1.6.1)
    httprb (0.1.5)
    mime-types (1.16)
    mini_mime (1.1.2)
    multi_xml (0.6.0)
    patron (0.4.11)
    rest-client (1.6.1)
      mime-types (>= 1.16)
    righttp (0.1.5)
    rufus-jig (1.0.0)
      rufus-json (>= 0.2.5)
      rufus-lru
    rufus-json (0.2.5)
    rufus-lru (1.0.3)
    yajl-ruby (0.8.1)

PLATFORMS
  ruby

DEPENDENCIES
  curb
  eventmachine
  httparty
  httpclient
  httprb
  patron
  rest-client
  righttp
  rufus-jig
  yajl-ruby
